PATH
  remote: .
  specs:
    redi-limit (0.0.1)
      contracts (~> 0.16.0)
      rack (~> 2.0)
      redis (~> 4.0)

GEM
  remote: https://rubygems.org/
  specs:
    awesome_print (1.8.0)
    binding_of_caller (0.8.0)
      debug_inspector (>= 0.0.1)
    bootsnap (1.4.4)
      msgpack (~> 1.0)
    coderay (1.1.2)
    contracts (0.16.0)
    debug_inspector (0.0.3)
    diff-lcs (1.3)
    interception (0.5)
    method_source (0.9.2)
    msgpack (1.3.1)
    pry (0.12.2)
      coderay (~> 1.1.0)
      method_source (~> 0.9.0)
    pry-nav (0.3.0)
      pry (>= 0.9.10, < 0.13.0)
    pry-rails (0.3.9)
      pry (>= 0.10.4)
    pry-rescue (1.5.0)
      interception (>= 0.5)
      pry (>= 0.12.0)
    pry-stack_explorer (0.4.9.3)
      binding_of_caller (>= 0.7)
      pry (>= 0.9.11)
    rack (2.0.7)
    rake (10.5.0)
    redis (4.1.2)
    rspec (3.8.0)
      rspec-core (~> 3.8.0)
      rspec-expectations (~> 3.8.0)
      rspec-mocks (~> 3.8.0)
    rspec-core (3.8.2)
      rspec-support (~> 3.8.0)
    rspec-expectations (3.8.4)
      diff-lcs (>= 1.2.0, < 2.0)
      rspec-support (~> 3.8.0)
    rspec-mocks (3.8.1)
      diff-lcs (>= 1.2.0, < 2.0)
      rspec-support (~> 3.8.0)
    rspec-support (3.8.2)

PLATFORMS
  ruby

DEPENDENCIES
  awesome_print
  bootsnap (>= 1.4.2)
  contracts
  pry
  pry-nav
  pry-rails
  pry-rescue
  pry-stack_explorer
  rake (~> 10.0)
  redi-limit!
  redis (~> 4.0)
  rspec

BUNDLED WITH
   2.0.2
